GEM
  remote: https://rubygems.org/
  specs:
    coderay (1.1.0)
    ffi (1.9.10)
    listen (3.0.6)
      rb-fsevent (>= 0.9.3)
      rb-inotify (>= 0.9.7)
    method_source (0.8.2)
    mustermann (2.0.2)
      ruby2_keywords (~> 0.0.1)
    pry (0.10.3)
      coderay (~> 1.1.0)
      method_source (~> 0.8.1)
      slop (~> 3.4)
    rack (2.2.4)
    rack-protection (2.2.3)
      rack
    rake (10.5.0)
    rb-fsevent (0.9.7)
    rb-inotify (0.9.7)
      ffi (>= 0.5.0)
    rerun (0.11.0)
      listen (~> 3.0)
    ruby-openid (2.7.0)
    ruby2_keywords (0.0.5)
    sinatra (2.2.3)
      mustermann (~> 2.0)
      rack (~> 2.2)
      rack-protection (= 2.2.3)
      tilt (~> 2.0)
    slop (3.6.0)
    tilt (2.0.11)

PLATFORMS
  ruby

DEPENDENCIES
  pry
  rake
  rerun
  ruby-openid
  sinatra

RUBY VERSION
   ruby 2.7.4p191

BUNDLED WITH
   2.2.24
